GEM
  remote: https://rubygems.org/
  specs:
    activemodel (5.0.0.1)
      activesupport (= 5.0.0.1)
    activerecord (5.0.0.1)
      activemodel (= 5.0.0.1)
      activesupport (= 5.0.0.1)
      arel (~> 7.0)
    activesupport (5.0.0.1)
      concurrent-ruby (~> 1.0, >= 1.0.2)
      i18n (~> 0.7)
      minitest (~> 5.1)
      tzinfo (~> 1.1)
    addressable (2.4.0)
    arel (7.1.1)
    ast (2.3.0)
    axiom-types (0.1.1)
      descendants_tracker (~> 0.0.4)
      ice_nine (~> 0.11.0)
      thread_safe (~> 0.3, >= 0.3.1)
    codeclimate-engine-rb (0.3.1)
      virtus (~> 1.0)
    coercible (1.0.0)
      descendants_tracker (~> 0.0.1)
    colorize (0.7.7)
    concurrent-ruby (1.0.2)
    descendants_tracker (0.0.4)
      thread_safe (~> 0.3, >= 0.3.1)
    equalizer (0.0.11)
    erubis (2.7.0)
    flay (2.7.0)
      erubis (~> 2.7.0)
      ruby_parser (~> 3.0)
      sexp_processor (~> 4.0)
    flog (4.3.2)
      ruby_parser (~> 3.1, > 3.1.0)
      sexp_processor (~> 4.4)
    i18n (0.7.0)
    ice_nine (0.11.2)
    launchy (2.4.3)
      addressable (~> 2.3)
    minitest (5.9.0)
    parser (2.3.1.0)
      ast (~> 2.2)
    rainbow (2.1.0)
    reek (4.0.2)
      codeclimate-engine-rb (~> 0.3.1)
      parser (~> 2.3, >= 2.3.0.6)
      rainbow (~> 2.0)
    ruby_parser (3.8.2)
      sexp_processor (~> 4.1)
    rubycritic (2.9.1)
      colorize
      flay (= 2.7.0)
      flog (= 4.3.2)
      launchy (= 2.4.3)
      parser (= 2.3.1.0)
      reek (= 4.0.2)
      ruby_parser (~> 3.8)
      virtus (~> 1.0)
    sexp_processor (4.7.0)
    sqlite3 (1.3.11)
    thread_safe (0.3.5)
    tzinfo (1.2.2)
      thread_safe (~> 0.1)
    virtus (1.0.5)
      axiom-types (~> 0.1)
      coercible (~> 1.0)
      descendants_tracker (~> 0.0, >= 0.0.3)
      equalizer (~> 0.0, >= 0.0.9)
    workflow (1.2.0)

PLATFORMS
  ruby

DEPENDENCIES
  activerecord
  activesupport
  rubycritic
  sqlite3
  workflow

BUNDLED WITH
   1.12.5
